GEM
  specs:
    addressable (2.3.2)
    childprocess (0.3.5)
      ffi (~> 1.0, >= 1.0.6)
    ffi (1.3.1)
    headless (1.0.1)
    libwebsocket (0.1.5)
      addressable
    multi_json (1.5.0)
    rack (1.5.2)
    rack-protection (1.3.2)
      rack
    rubyzip (0.9.9)
    selenium-webdriver (2.25.0)
      childprocess (>= 0.2.5)
      libwebsocket (~> 0.1.3)
      multi_json (~> 1.0)
      rubyzip
    sinatra (1.3.4)
      rack (~> 1.4)
      rack-protection (~> 1.3)
      tilt (~> 1.3, >= 1.3.3)
    tilt (1.3.3)

PLATFORMS
  ruby

DEPENDENCIES
  headless
  selenium-webdriver
  sinatra
